PATH
  remote: .
  specs:
    Theatre_Explore (0.1.0)

GEM
  remote: https://rubygems.org/
  specs:
    rake (13.0.3)

PLATFORMS
  x86_64-darwin-20

DEPENDENCIES
  Theatre_Explore!
  rake (~> 13.0)

BUNDLED WITH
   2.2.17
